PATH
  remote: .
  specs:
    splits (0.1)
      colorize

GEM
  remote: https://rubygems.org/
  specs:
    colorize (0.5.8)
    rake (10.0.3)

PLATFORMS
  ruby

DEPENDENCIES
  rake
  splits!
